NUGET
  remote: http://nuget.org/api/v2
  specs:
    FAKE (3.5.9)
    Rx-Core (2.2.2)
      Rx-Interfaces (>= 2.2.2)
    Rx-Interfaces (2.2.2)
    Rx-Linq (2.2.2)
      Rx-Core (>= 2.2.2)
      Rx-Interfaces (>= 2.2.2)
    Rx-Main (2.2.2)
      Rx-Core (>= 2.2.2)
      Rx-Interfaces (>= 2.2.2)
      Rx-Linq (>= 2.2.2)
      Rx-PlatformServices (>= 2.2.2)
    Rx-PlatformServices (2.2.3)
      Rx-Core (>= 2.2)
      Rx-Interfaces (>= 2.2)
    xunit (1.9.2)
    xunit.runners (1.9.2)
